GEM
  remote: https://rubygems.org/
  specs:
    chunky_png (1.2.7)
    compass (0.12.2)
      chunky_png (~> 1.2)
      fssm (>= 0.2.7)
      sass (~> 3.1)
    foreman (0.62.0)
      thor (>= 0.13.6)
    fssm (0.2.10)
    sass (3.2.6)
    susy (1.0.5)
      compass (>= 0.12.2)
      sass (>= 3.2.0)
    thor (1.4.0)

PLATFORMS
  ruby

DEPENDENCIES
  compass (~> 0.12.2)
  foreman (~> 0.62.0)
  sass (~> 3.2.5)
  susy (~> 1.0.5)

BUNDLED WITH
   2.1.4
